GEM
  remote: http://rubygems.org/
  specs:
    chunky_png (1.2.5)
    coderay (1.0.5)
    compass (0.11.7)
      chunky_png (~> 1.2)
      fssm (>= 0.2.7)
      sass (~> 3.1)
    daemons (1.1.8)
    eventmachine (0.12.10)
    facebooker (1.0.75)
      json_pure (>= 1.0.0)
    fssm (0.2.8.1)
    haml (3.1.4)
    json_pure (1.6.5)
    method_source (0.7.1)
    pry (0.9.8.2)
      coderay (~> 1.0.5)
      method_source (~> 0.7)
      slop (>= 2.4.4, < 3)
    rack (1.4.1)
    rack-protection (1.2.0)
      rack
    sass (3.1.15)
    shotgun (0.9)
      rack (>= 1.0)
    sinatra (1.3.2)
      rack (~> 1.3, >= 1.3.6)
      rack-protection (~> 1.2)
      tilt (~> 1.3, >= 1.3.3)
    slop (2.4.4)
    thin (1.3.1)
      daemons (>= 1.0.9)
      eventmachine (>= 0.12.6)
      rack (>= 1.0.0)
    tilt (1.3.3)

PLATFORMS
  ruby

DEPENDENCIES
  compass (~> 0.11.7)
  facebooker (~> 1.0.75)
  haml (~> 3.1.4)
  pry (~> 0.9.8.2)
  sass (~> 3.1.15)
  shotgun (~> 0.9)
  sinatra (= 1.3.2)
  thin (= 1.3.1)
